GEM
  remote: http://rubygems.org/
  specs:
    appraisal (0.3.8)
      bundler
      rake
    rack (1.3.5)
    rake (0.9.2.2)
    rspec (1.3.2)

PLATFORMS
  java

DEPENDENCIES
  appraisal
  rack
  rake
  rspec (~> 1.3)
