GEM
  remote: https://rubygems.org/
  specs:
    appraisal (0.5.2)
      bundler
      rake
    diff-lcs (1.5.1)
    jruby-openssl (0.14.5-java)
    rack (3.0.11)
    rake (13.2.1)
    rspec (3.13.0)
      rspec-core (~> 3.13.0)
      rspec-expectations (~> 3.13.0)
      rspec-mocks (~> 3.13.0)
    rspec-core (3.13.0)
      rspec-support (~> 3.13.0)
    rspec-expectations (3.13.0)
      diff-lcs (>= 1.2.0, < 2.0)
      rspec-support (~> 3.13.0)
    rspec-mocks (3.13.1)
      diff-lcs (>= 1.2.0, < 2.0)
      rspec-support (~> 3.13.0)
    rspec-support (3.13.1)

PLATFORMS
  universal-java-1.8

DEPENDENCIES
  appraisal (< 1.0)
  jruby-openssl
  rack
  rake (~> 13.2)
  rspec (~> 3.13)

BUNDLED WITH
   2.4.19
