GEM
  remote: https://rubygems.org/
  specs:
    builder (3.0.0)
    camping (2.1)
      rack (>= 1.0)
    markaby (0.7.1)
      builder (>= 2.0.0)
    rack (2.2.14)

PLATFORMS
  java
  x86_64-linux

DEPENDENCIES
  camping
  markaby
  rack
