GEM
  remote: http://rubygems.org/
  specs:
    builder (3.0.0)
    camping (2.1)
      rack (>= 1.0)
    markaby (0.7.1)
      builder (>= 2.0.0)
    rack (1.6.11)

PLATFORMS
  java
  ruby

DEPENDENCIES
  camping
  markaby
  rack
