GIT
  remote: https://github.com/jruby/warbler.git
  revision: 523237b6d931efcd6f13a79692f6aa46ad997443
  branch: master
  specs:
    warbler (2.0.5)
      jruby-jars (>= 9.0.0)
      jruby-rack (>= 1.1.1, < 1.3)
      ostruct (= 0.6.2)
      rake (>= 13.0.3)
      rexml (~> 3.0)
      rubyzip (>= 3.0.0)

GEM
  remote: https://rubygems.org/
  specs:
    builder (3.3.0)
    camping (2.1.532)
      mab (>= 0.0.3)
      rack (>= 1.0)
    jruby-jars (9.4.14.0)
    jruby-rack (1.2.5)
    mab (0.0.3)
    markaby (0.9.4)
      builder
    ostruct (0.6.2)
    rack (2.2.17)
    rackup (1.0.1)
      rack (< 3)
      webrick
    rake (13.3.0)
    rexml (3.4.3)
    rubyzip (3.1.0)
    webrick (1.9.1)

PLATFORMS
  java

DEPENDENCIES
  camping (< 3)
  jruby-jars (< 10)
  markaby
  rack (~> 2.2.0)
  rackup
  warbler!

BUNDLED WITH
   2.6.9
