GEM
  remote: https://rubygems.org/
  specs:
    camping (2.1.532)
      mab (>= 0.0.3)
      rack (>= 1.0)
    jruby-jars (9.4.14.0)
    jruby-rack (1.2.6)
    mab (0.0.3)
    ostruct (0.6.3)
    rack (2.2.20)
    rake (13.3.0)
    rexml (3.4.4)
    rubyzip (3.2.1)
    warbler (2.1.0)
      jruby-jars (>= 9.4, < 10.1)
      jruby-rack (>= 1.2.3, < 1.3)
      ostruct (~> 0.6.2)
      rake (~> 13.0, >= 13.0.3)
      rexml (~> 3.0)
      rubyzip (>= 3.0.0)

PLATFORMS
  java
  x86_64-linux

DEPENDENCIES
  camping
  jruby-jars (< 10)
  jruby-rack
  rack (~> 2.2)
  warbler

RUBY VERSION
   ruby 3.1.7p0 (jruby 9.4.14.0)

BUNDLED WITH
   2.6.9
