GIT
  remote: https://github.com/jruby/warbler.git
  revision: 523237b6d931efcd6f13a79692f6aa46ad997443
  branch: master
  specs:
    warbler (2.0.5)
      jruby-jars (>= 9.0.0)
      jruby-rack (>= 1.1.1, < 1.3)
      ostruct (= 0.6.2)
      rake (>= 13.0.3)
      rexml (~> 3.0)
      rubyzip (>= 3.0.0)

GEM
  remote: https://rubygems.org/
  specs:
    base64 (0.2.0)
    bigdecimal (3.1.9)
    bigdecimal (3.1.9-java)
    builder (3.3.0)
    camping (3.2.6)
      dry-logger (~> 1.0.4)
      kdl (~> 1.0, >= 1.0.5)
      listen (~> 3.9.0, >= 3.9.0)
      mab (~> 0.0, >= 0.0.3)
      rack (~> 3.0, >= 3.0.4.1)
      rack-session (~> 2.0, >= 2.0.0)
      rackup (~> 2.1.0)
      rake (~> 13.2.1)
      tilt (~> 2.3.0)
      zeitwerk (~> 2.6.15, >= 2.6.15)
    dry-logger (1.0.4)
    ffi (1.17.2-java)
    ffi (1.17.2-x86_64-linux-gnu)
    jruby-jars (9.4.14.0)
    jruby-rack (1.2.5)
    kdl (1.0.6)
      base64 (~> 0.2.0)
      bigdecimal (~> 3.1.6)
      racc (~> 1.5)
      simpleidn (~> 0.2.1)
    listen (3.9.0)
      rb-fsevent (~> 0.10, >= 0.10.3)
      rb-inotify (~> 0.9, >= 0.9.10)
    mab (0.0.3)
    markaby (0.9.4)
      builder
    ostruct (0.6.2)
    racc (1.8.1)
    racc (1.8.1-java)
    rack (3.2.2)
    rack-session (2.1.1)
      base64 (>= 0.1.0)
      rack (>= 3.0.0)
    rackup (2.1.0)
      rack (>= 3)
      webrick (~> 1.8)
    rake (13.2.1)
    rb-fsevent (0.11.2)
    rb-inotify (0.11.1)
      ffi (~> 1.0)
    rexml (3.4.4)
    rubyzip (3.1.1)
    simpleidn (0.2.3)
    tilt (2.3.0)
    webrick (1.9.1)
    zeitwerk (2.6.18)

PLATFORMS
  java
  x86_64-linux

DEPENDENCIES
  camping (< 4)
  jruby-jars (< 10)
  markaby
  rack (~> 3.2.2)
  rackup
  warbler!

BUNDLED WITH
   2.6.9
