GEM
  remote: https://rubygems.org/
  specs:
    base64 (0.3.0)
    jruby-jars (9.4.14.0)
    jruby-rack (1.2.4)
    mustermann (3.0.4)
      ruby2_keywords (~> 0.0.1)
    rack (2.2.17)
    rack-protection (3.2.0)
      base64 (>= 0.1.0)
      rack (~> 2.2, >= 2.2.4)
    ruby2_keywords (0.0.5)
    sinatra (3.2.0)
      mustermann (~> 3.0)
      rack (~> 2.2, >= 2.2.4)
      rack-protection (= 3.2.0)
      tilt (~> 2.0)
    tilt (2.6.1)
    webrick (1.9.1)

PLATFORMS
  java
  x86_64-linux

DEPENDENCIES
  jruby-jars (< 10)
  jruby-rack (~> 1.2.4)
  rack (~> 2.2.0)
  sinatra
  webrick

BUNDLED WITH
   2.6.9
