GEM
  remote: http://rubygems.org/
  specs:
    rack (2.0.7)
    sinatra (1.0)
      rack (>= 1.0)

PLATFORMS
  java
  ruby

DEPENDENCIES
  sinatra
