GEM
  remote: https://rubygems.org/
  specs:
    jruby-rack (1.2.4)
    rack (2.2.14)
    sinatra (1.0)
      rack (>= 1.0)
    webrick (1.9.1)

PLATFORMS
  java
  x86_64-linux

DEPENDENCIES
  jruby-rack (~> 1.2)
  rack (= 2.2.14)
  sinatra (< 4.0)
  webrick
