GEM
  specs:
    rack (1.2.1)
    sinatra (1.0)
      rack (>= 1.0)

PLATFORMS
  java

DEPENDENCIES
  sinatra
