GEM
  remote: https://rubygems.org/
  specs:
    base64 (0.3.0)
    jruby-jars (10.0.2.0)
    jruby-rack (1.2.5)
    logger (1.7.0)
    mustermann (3.0.4)
      ruby2_keywords (~> 0.0.1)
    rack (3.2.2)
    rack-protection (4.1.1)
      base64 (>= 0.1.0)
      logger (>= 1.6.0)
      rack (>= 3.0.0, < 4)
    rack-session (2.1.1)
      base64 (>= 0.1.0)
      rack (>= 3.0.0)
    ruby2_keywords (0.0.5)
    sinatra (4.1.1)
      logger (>= 1.6.0)
      mustermann (~> 3.0)
      rack (>= 3.0.0, < 4)
      rack-protection (= 4.1.1)
      rack-session (>= 2.0.0, < 3)
      tilt (~> 2.0)
    tilt (2.6.1)
    webrick (1.9.1)

PLATFORMS
  java
  x86_64-linux

DEPENDENCIES
  jruby-jars (< 11)
  jruby-rack (~> 1.2.4)
  rack (~> 3.2.2)
  sinatra
  webrick

BUNDLED WITH
   2.6.9
