GEM
  remote: https://rubygems.org/
  specs:
    base64 (0.3.0)
    jruby-jars (9.4.14.0)
    jruby-rack (1.2.6)
    mustermann (3.0.4)
      ruby2_keywords (~> 0.0.1)
    ostruct (0.6.3)
    rack (2.2.20)
    rack-protection (3.2.0)
      base64 (>= 0.1.0)
      rack (~> 2.2, >= 2.2.4)
    rake (13.3.0)
    rexml (3.4.4)
    ruby2_keywords (0.0.5)
    rubyzip (3.2.0)
    sinatra (3.2.0)
      mustermann (~> 3.0)
      rack (~> 2.2, >= 2.2.4)
      rack-protection (= 3.2.0)
      tilt (~> 2.0)
    tilt (2.6.1)
    warbler (2.1.0)
      jruby-jars (>= 9.4, < 10.1)
      jruby-rack (>= 1.2.3, < 1.3)
      ostruct (~> 0.6.2)
      rake (~> 13.0, >= 13.0.3)
      rexml (~> 3.0)
      rubyzip (>= 3.0.0)
    webrick (1.9.1)

PLATFORMS
  java
  x86_64-linux

DEPENDENCIES
  jruby-jars (< 10)
  rack (~> 2.2.20)
  sinatra
  warbler (~> 2.1)
  webrick

RUBY VERSION
   ruby 3.1.7p0 (jruby 9.4.14.0)

BUNDLED WITH
   2.6.9
